PATH
  remote: .
  specs:
    fincore (0.1.0)

GEM
  remote: https://rubygems.org/
  specs:
    rake (13.0.6)
    rake-compiler (1.2.0)
      rake

PLATFORMS
  ruby

DEPENDENCIES
  fincore!
  rake-compiler

BUNDLED WITH
   2.1.4
